GEM
  remote: https://rubygems.org/
  specs:
    configspec (0.1.1)
      net-scp
      net-ssh
      rspec (>= 2.13.0)
      specinfra (>= 0.0.6)
    diff-lcs (1.2.5)
    net-scp (1.2.0)
      net-ssh (>= 2.6.5)
    net-ssh (2.8.0)
    rspec (2.14.1)
      rspec-core (~> 2.14.0)
      rspec-expectations (~> 2.14.0)
      rspec-mocks (~> 2.14.0)
    rspec-core (2.14.8)
    rspec-expectations (2.14.5)
      diff-lcs (>= 1.1.3, < 2.0)
    rspec-mocks (2.14.6)
    specinfra (1.5.1)

PLATFORMS
  ruby

DEPENDENCIES
  configspec
